GEM
  remote: https://rubygems.org/
  specs:
    curb (0.9.10)
    faraday (0.17.1)
      multipart-post (>= 1.2, < 3)
    httparty (0.17.1)
      mime-types (~> 3.0)
      multi_xml (>= 0.5.2)
    jwt (2.2.1)
    mime-types (3.3)
      mime-types-data (~> 3.2015)
    mime-types-data (3.2019.1009)
    mini_portile2 (2.4.0)
    multi_xml (0.6.0)
    multipart-post (2.1.1)
    mustermann (1.0.3)
    nokogiri (1.10.8)
      mini_portile2 (~> 2.4.0)
    rack (2.2.3)
    rack-protection (2.0.7)
      rack
    ruby_http_client (3.3.0)
    sendgrid-ruby (6.0.0)
      ruby_http_client (~> 3.3.0)
    sinatra (2.0.7)
      mustermann (~> 1.0)
      rack (~> 2.0)
      rack-protection (= 2.0.7)
      tilt (~> 2.0)
    tilt (2.0.10)
    twilio-ruby (5.30.0)
      faraday (~> 0.9)
      jwt (>= 1.5, <= 2.5)
      nokogiri (>= 1.6, < 2.0)

PLATFORMS
  ruby

DEPENDENCIES
  curb (~> 0.9.10)!
  httparty (~> 0.17.1)!
  sendgrid-ruby!
  sinatra (~> 2.0, >= 2.0.7)!
  twilio-ruby (~> 5.30.0)!

BUNDLED WITH
   2.0.2
